GEM
  remote: https://rubygems.org/
  specs:
    coderay (1.1.2)
    facter (2.5.7)
    fast_gettext (1.1.2)
    hiera (3.6.0)
    locale (2.1.2)
    method_source (0.9.2)
    multi_json (1.14.1)
    pry (0.12.2)
      coderay (~> 1.1.0)
      method_source (~> 0.9.0)
    pry-doc (1.0.0)
      pry (~> 0.11)
      yard (~> 0.9.11)
    puppet (5.5.18)
      facter (> 2.0.1, < 4)
      fast_gettext (~> 1.1.2)
      hiera (>= 3.2.1, < 4)
      locale (~> 2.1)
      multi_json (~> 1.10)
    rake (13.0.1)
    yard (0.9.24)

PLATFORMS
  ruby

DEPENDENCIES
  pry
  pry-doc
  puppet (= 5.5.18)
  rake

BUNDLED WITH
   1.17.3
