GEM
  remote: https://rubygems.org/
  specs:
    coderay (1.1.1)
    facter (2.4.6)
    hiera (3.3.1)
    json_pure (1.8.6)
    method_source (0.8.2)
    pry (0.10.4)
      coderay (~> 1.1.0)
      method_source (~> 0.8.1)
      slop (~> 3.4)
    pry-doc (0.10.0)
      pry (~> 0.9)
      yard (~> 0.9)
    puppet (4.8.2)
      facter (> 2.0, < 4)
      hiera (>= 2.0, < 4)
      json_pure (~> 1.8)
    rake (12.0.0)
    slop (3.6.0)
    yard (0.9.8)

PLATFORMS
  ruby

DEPENDENCIES
  pry
  pry-doc
  puppet (~> 4.8.0)
  rake

BUNDLED WITH
   1.14.6
