GEM
  remote: https://rubygems.org/
  specs:
    coderay (1.1.2)
    facter (2.5.1)
    fast_gettext (1.1.2)
    hiera (3.5.0)
    locale (2.1.2)
    method_source (0.9.0)
    multi_json (1.13.1)
    pry (0.11.3)
      coderay (~> 1.1.0)
      method_source (~> 0.9.0)
    pry-doc (0.13.4)
      pry (~> 0.11)
      yard (~> 0.9.11)
    puppet (5.5.14)
      facter (> 2.0.1, < 4)
      fast_gettext (~> 1.1.2)
      hiera (>= 3.2.1, < 4)
      locale (~> 2.1)
      multi_json (~> 1.10)
    rake (12.3.1)
    yard (0.9.12)

PLATFORMS
  ruby

DEPENDENCIES
  pry
  pry-doc
  puppet (~> 5)
  rake

BUNDLED WITH
   1.17.3
