GEM
  remote: https://rubygems.org/
  specs:
    coderay (1.1.2)
    facter (2.5.6)
    fast_gettext (1.1.2)
    hiera (3.5.0)
    locale (2.1.2)
    method_source (0.9.2)
    multi_json (1.13.1)
    pry (0.12.2)
      coderay (~> 1.1.0)
      method_source (~> 0.9.0)
    pry-doc (1.0.0)
      pry (~> 0.11)
      yard (~> 0.9.11)
    puppet (5.5.16)
      facter (> 2.0.1, < 4)
      fast_gettext (~> 1.1.2)
      hiera (>= 3.2.1, < 4)
      locale (~> 2.1)
      multi_json (~> 1.10)
    rake (12.3.3)
    yard (0.9.20)

PLATFORMS
  ruby

DEPENDENCIES
  pry
  pry-doc
  puppet (~> 5.5.0)
  rake

BUNDLED WITH
   1.17.3
